PATH
  remote: .
  specs:
    ctx (1.0.0)

GEM
  remote: http://rubygems.org/
  specs:
    core-source (0.2.7)
      minitar
    diff-lcs (1.1.3)
    minitar (0.5.3)
    mkmfmf (0.4)
    rake (0.9.2.2)
    rake-compiler (0.8.1)
      rake
    rr (1.0.4)
    rspec (2.11.0)
      rspec-core (~> 2.11.0)
      rspec-expectations (~> 2.11.0)
      rspec-mocks (~> 2.11.0)
    rspec-core (2.11.1)
    rspec-expectations (2.11.3)
      diff-lcs (~> 1.1.3)
    rspec-mocks (2.11.3)
    sender (1.5.10)
      core-source
      mkmfmf
      rake-compiler

PLATFORMS
  ruby

DEPENDENCIES
  ctx!
  rake
  rr
  rspec
  sender
